GEM
  remote: https://rubygems.org/
  specs:
    celluloid (0.14.1)
      timers (>= 1.0.0)
    haml (4.0.3)
      tilt
    puma (2.5.0)
      rack (>= 1.1, < 2.0)
    puma (2.5.0-java)
      rack (>= 1.1, < 2.0)
    rack (1.5.2)
    rack-protection (1.5.0)
      rack
    sinatra (1.4.3)
      rack (~> 1.4)
      rack-protection (~> 1.4)
      tilt (~> 1.3, >= 1.3.4)
    tilt (1.4.1)
    timers (1.1.0)

PLATFORMS
  java

DEPENDENCIES
  celluloid
  haml
  puma
  rack
  sinatra
